GIT
  remote: https://github.com/department-of-veterans-affairs/ruby-bgs.git
  revision: b38a76399a73d26509e16c5370edcf3397fef0ad
  specs:
    bgs (0.1)
      nokogiri
      savon (~> 2.11)

GEM
  remote: https://rubygems.org/
  specs:
    akami (1.3.1)
      gyoku (>= 0.4.0)
      nokogiri
    builder (3.2.2)
    gyoku (1.3.1)
      builder (>= 2.1.2)
    httpi (2.4.2)
      rack
      socksify
    mini_portile2 (2.1.0)
    nokogiri (1.6.8.1)
      mini_portile2 (~> 2.1.0)
    nori (2.6.0)
    parallel (1.9.0)
    rack (2.0.1)
    ruby-progressbar (1.8.1)
    savon (2.11.1)
      akami (~> 1.2)
      builder (>= 2.1.2)
      gyoku (~> 1.2)
      httpi (~> 2.3)
      nokogiri (>= 1.4.0)
      nori (~> 2.4)
      wasabi (~> 3.4)
    socksify (1.7.0)
    wasabi (3.5.0)
      httpi (~> 2.0)
      nokogiri (>= 1.4.2)

PLATFORMS
  ruby

DEPENDENCIES
  bgs!
  parallel
  ruby-progressbar

BUNDLED WITH
   1.13.6
